GEM
  remote: https://rubygems.org/
  specs:
    bundler-audit (0.9.2)
      bundler (>= 1.2.0, < 3)
      thor (~> 1.0)
    coderay (1.1.3)
    json (2.10.2)
    method_source (1.1.0)
    minitest (5.25.5)
    minitest-rg (5.3.0)
      minitest (~> 5.0)
    pry (0.15.2)
      coderay (~> 1.1)
      method_source (~> 1.0)
    puma (3.12.6)
    rack (3.1.12)
    rack-test (2.2.0)
      rack (>= 1.3)
    roda (3.90.0)
      rack
    thor (1.3.2)

PLATFORMS
  ruby
  x86_64-linux

DEPENDENCIES
  bundler-audit
  json
  minitest
  minitest-rg
  pry
  puma (~> 3.11)
  rack-test
  roda (~> 3.6)

BUNDLED WITH
   2.6.2
